GEM
  remote: https://rubygems.org/
  specs:
    slim (4.0.1)
      temple (>= 0.7.6, < 0.9)
      tilt (>= 2.0.6, < 2.1)
    temple (0.8.2)
    tilt (2.0.10)

PLATFORMS
  ruby

DEPENDENCIES
  slim

RUBY VERSION
   ruby 2.7.0p0

BUNDLED WITH
   2.1.4
